GIT
  remote: https://github.com/circleci/rspec_junit_formatter.git
  revision: 6885218137afbadf560c922114767866953f8cbf
  specs:
    rspec_junit_formatter (0.2.0)
      builder (< 4)
      rspec (>= 2, < 4)
      rspec-core (!= 2.12.0)

GIT
  remote: https://github.com/dcrosby42/tabulator.git
  revision: aa3d14ea734979580dae3c6878a83a6a80643678
  specs:
    tabulator (1.0.0)

GIT
  remote: https://github.com/tomdalling/rschema.git
  revision: 867ff1524a0791aaee6a0225d3e17b39cd7092ee
  specs:
    rschema (0.1.0)

GIT
  remote: https://github.com/trestrantham/groupdate.git
  revision: ff1ce7de22dcc617993522989747e90c591d2a1c
  branch: custom-calculations
  specs:
    groupdate (2.2.1)
      activesupport (>= 3)

GIT
  remote: https://github.com/waynehoover/s3_direct_upload.git
  revision: 6972033d6bb086c46461c191c24cefe418e69d68
  specs:
    s3_direct_upload (0.1.7)
      coffee-rails (>= 3.1)
      jquery-fileupload-rails (~> 0.4.1)
      rails (>= 3.1)
      sass-rails (>= 3.1)

GIT
  remote: https://github.com/zakird/wkhtmltopdf_binary_gem.git
  revision: 77a62c35e4a9bb8d6583ffeadf0073ac92748a91
  specs:
    wkhtmltopdf-binary (0.9.9.3)

GEM
  remote: https://rubygems.org/
  specs:
    CFPropertyList (2.3.1)
    accountingjs-rails (0.0.4)
    actionmailer (4.1.15)
      actionpack (= 4.1.15)
      actionview (= 4.1.15)
      mail (~> 2.5, >= 2.5.4)
    actionpack (4.1.15)
      actionview (= 4.1.15)
      activesupport (= 4.1.15)
      rack (~> 1.5.2)
      rack-test (~> 0.6.2)
    actionview (4.1.15)
      activesupport (= 4.1.15)
      builder (~> 3.1)
      erubis (~> 2.7.0)
    active_model_serializers (0.9.0)
      activemodel (>= 3.2)
    active_record_union (1.0.1)
      activerecord (>= 4.0)
    activemodel (4.1.15)
      activesupport (= 4.1.15)
      builder (~> 3.1)
    activerecord (4.1.15)
      activemodel (= 4.1.15)
      activesupport (= 4.1.15)
      arel (~> 5.0.0)
    activerecord-import (0.10.0)
      activerecord (>= 3.0)
    activesupport (4.1.15)
      i18n (~> 0.6, >= 0.6.9)
      json (~> 1.7, >= 1.7.7)
      minitest (~> 5.1)
      thread_safe (~> 0.1)
      tzinfo (~> 1.1)
    acts_as_geocodable (2.1.0)
      graticule (~> 2.0)
      rails (>= 3, < 4.2)
    addressable (2.3.8)
    arel (5.0.1.20140414130214)
    ast (2.0.0)
    astrolabe (1.3.0)
      parser (>= 2.2.0.pre.3, < 3.0)
    audited (4.0.0)
      rails-observers (~> 0.1.2)
    audited-activerecord (4.0.0)
      activerecord (~> 4.0)
      audited (= 4.0.0)
    awesome_nested_set (3.0.1)
      activerecord (>= 4.0.0, < 5)
    awesome_print (1.2.0)
    aws-sdk (1.56.0)
      aws-sdk-v1 (= 1.56.0)
    aws-sdk-v1 (1.56.0)
      json (~> 1.4)
      nokogiri (>= 1.4.4)
    axiom-types (0.1.1)
      descendants_tracker (~> 0.0.4)
      ice_nine (~> 0.11.0)
      thread_safe (~> 0.3, >= 0.3.1)
    babel-source (5.8.19)
    babel-transpiler (0.7.0)
      babel-source (>= 4.0, < 6)
      execjs (~> 2.0)
    bcrypt (3.1.7)
    browserify-rails (0.9.3)
      sprockets (~> 2.2)
    builder (3.2.2)
    bullet (4.14.7)
      activesupport (>= 3.0.0)
      uniform_notifier (~> 1.9.0)
    byebug (5.0.0)
      columnize (= 0.9.0)
    capybara (2.5.0)
      mime-types (>= 1.16)
      nokogiri (>= 1.3.3)
      rack (>= 1.0.0)
      rack-test (>= 0.5.4)
      xpath (~> 2.0)
    capybara-screenshot (1.0.11)
      capybara (>= 1.0, < 3)
      launchy
    capybara-slow_finder_errors (0.1.2)
      capybara (~> 2.0)
    celluloid (0.16.0)
      timers (~> 4.0.0)
    childprocess (0.5.9)
      ffi (~> 1.0, >= 1.0.11)
    chunky_png (1.3.1)
    cliver (0.3.2)
    codeclimate-test-reporter (0.4.0)
      simplecov (>= 0.7.1, < 1.0.0)
    coderay (1.1.0)
    coercible (1.0.0)
      descendants_tracker (~> 0.0.1)
    coffee-rails (4.0.1)
      coffee-script (>= 2.2.0)
      railties (>= 4.0.0, < 5.0)
    coffee-script (2.3.0)
      coffee-script-source
      execjs
    coffee-script-source (1.8.0)
    color (1.7.1)
    colorize (0.7.7)
    columnize (0.9.0)
    compass (0.12.7)
      chunky_png (~> 1.2)
      fssm (>= 0.2.7)
      sass (~> 3.2.19)
    compass-rails (2.0.0)
      compass (>= 0.12.2)
    connection_pool (2.2.0)
    constructor (2.0.0)
    countries (0.9.3)
      currencies (~> 0.4.2)
    crack (0.4.2)
      safe_yaml (~> 1.0.0)
    csv_builder (2.1.1)
      actionpack (>= 3.0.0)
    currencies (0.4.2)
    daemon_controller (1.2.0)
    daemons (1.2.3)
    database_cleaner (1.3.0)
    dedent (1.0.1)
    delayed_job (4.0.3)
      activesupport (>= 3.0, < 4.2)
    delayed_job_active_record (4.0.2)
      activerecord (>= 3.0, < 4.2)
      delayed_job (>= 3.0, < 4.1)
    descendants_tracker (0.0.4)
      thread_safe (~> 0.3, >= 0.3.1)
    devise (3.3.0)
      bcrypt (~> 3.0)
      orm_adapter (~> 0.1)
      railties (>= 3.2.6, < 5)
      thread_safe (~> 0.1)
      warden (~> 1.2.3)
    devise_invitable (1.3.6)
      actionmailer (>= 3.2.6, < 5)
      devise (>= 3.2.0)
    devise_masquerade (0.1.5)
      devise (>= 2.1.0)
      railties (>= 3.0)
    diff-lcs (1.2.5)
    docile (1.1.5)
    domain_name (0.5.24)
      unf (>= 0.0.5, < 1.0.0)
    domino (0.6.0)
      capybara (>= 0.4.0)
    dragonfly (1.0.7)
      addressable (~> 2.3)
      multi_json (~> 1.0)
      rack
    dragonfly-s3_data_store (1.0.4)
      dragonfly (~> 1.0)
      fog
    draper (1.3.1)
      actionpack (>= 3.0)
      activemodel (>= 3.0)
      activesupport (>= 3.0)
      request_store (~> 1.0.3)
    email_spec (1.6.0)
      launchy (~> 2.1)
      mail (~> 2.2)
    equalizer (0.0.11)
    erubis (2.7.0)
    eventmachine (1.0.5)
    excon (0.45.4)
    execjs (2.2.1)
    factory_girl (4.4.0)
      activesupport (>= 3.0.0)
    factory_girl_rails (4.4.1)
      factory_girl (~> 4.4.0)
      railties (>= 3.0.0)
    faraday (0.8.9)
      multipart-post (~> 1.2.0)
    ffi (1.9.8)
    figaro (1.0.0.rc1)
      rails (>= 3, < 5)
      thor (~> 0.14)
    fire_poll (1.2.0)
    fission (0.5.0)
      CFPropertyList (~> 2.2)
    fog (1.30.0)
      fog-atmos
      fog-aws (~> 0.0)
      fog-brightbox (~> 0.4)
      fog-core (~> 1.27, >= 1.27.4)
      fog-ecloud
      fog-google (>= 0.0.2)
      fog-json
      fog-local
      fog-powerdns (>= 0.1.1)
      fog-profitbricks
      fog-radosgw (>= 0.0.2)
      fog-riakcs
      fog-sakuracloud (>= 0.0.4)
      fog-serverlove
      fog-softlayer
      fog-storm_on_demand
      fog-terremark
      fog-vmfusion
      fog-voxel
      fog-xml (~> 0.1.1)
      ipaddress (~> 0.5)
      nokogiri (~> 1.5, >= 1.5.11)
    fog-atmos (0.1.0)
      fog-core
      fog-xml
    fog-aws (0.7.4)
      fog-core (~> 1.27)
      fog-json (~> 1.0)
      fog-xml (~> 0.1)
      ipaddress (~> 0.8)
    fog-brightbox (0.7.1)
      fog-core (~> 1.22)
      fog-json
      inflecto (~> 0.0.2)
    fog-core (1.32.0)
      builder
      excon (~> 0.45)
      formatador (~> 0.2)
      mime-types
      net-scp (~> 1.1)
      net-ssh (>= 2.1.3)
    fog-ecloud (0.1.1)
      fog-core
      fog-xml
    fog-google (0.0.5)
      fog-core
      fog-json
      fog-xml
    fog-json (1.0.2)
      fog-core (~> 1.0)
      multi_json (~> 1.10)
    fog-local (0.2.1)
      fog-core (~> 1.27)
    fog-powerdns (0.1.1)
      fog-core (~> 1.27)
      fog-json (~> 1.0)
      fog-xml (~> 0.1)
    fog-profitbricks (0.0.2)
      fog-core
      fog-xml
      nokogiri
    fog-radosgw (0.0.4)
      fog-core (>= 1.21.0)
      fog-json
      fog-xml (>= 0.0.1)
    fog-riakcs (0.1.0)
      fog-core
      fog-json
      fog-xml
    fog-sakuracloud (1.0.1)
      fog-core
      fog-json
    fog-serverlove (0.1.2)
      fog-core
      fog-json
    fog-softlayer (0.4.6)
      fog-core
      fog-json
    fog-storm_on_demand (0.1.1)
      fog-core
      fog-json
    fog-terremark (0.1.0)
      fog-core
      fog-xml
    fog-vmfusion (0.1.0)
      fission
      fog-core
    fog-voxel (0.1.0)
      fog-core
      fog-xml
    fog-xml (0.1.2)
      fog-core
      nokogiri (~> 1.5, >= 1.5.11)
    font-awesome-rails (4.4.0.0)
      railties (>= 3.2, < 5.0)
    font_assets (0.1.11)
      rack
    formatador (0.2.5)
    fssm (0.2.10)
    grape (0.14.0)
      activesupport
      builder
      hashie (>= 2.1.0)
      multi_json (>= 1.3.2)
      multi_xml (>= 0.5.2)
      rack (>= 1.3.0)
      rack-accept
      rack-mount
      virtus (>= 1.0.0)
    grape-active_model_serializers (1.3.2)
      active_model_serializers (>= 0.9.0)
      grape
    grape-entity (0.4.8)
      activesupport
      multi_json (>= 1.3.2)
    grape-swagger (0.10.4)
      grape (>= 0.8.0)
      grape-entity (< 0.5.0)
    graticule (2.5.0)
      activesupport
      i18n
      json
      nokogiri-happymapper (>= 0.5.9)
    guard (2.12.5)
      formatador (>= 0.2.4)
      listen (~> 2.7)
      lumberjack (~> 1.0)
      nenv (~> 0.1)
      notiffany (~> 0.0)
      pry (>= 0.9.12)
      shellany (~> 0.0)
      thor (>= 0.18.1)
    guard-compat (1.2.1)
    guard-konacha-rails (1.1.4)
      guard (>= 2)
      guard-compat
      konacha (>= 3.0)
      rails (>= 4.0)
    guard-rspec (4.3.1)
      guard (~> 2.1)
      rspec (>= 2.14, < 4.0)
    hashie (3.4.3)
    heroku (3.32.0)
      heroku-api (>= 0.3.19)
      launchy (>= 0.3.2)
      multi_json (>= 1.10)
      netrc (>= 0.10.0)
      rest-client (>= 1.6.0)
      rubyzip (>= 0.9.9)
    heroku-api (0.3.23)
      excon (~> 0.44)
      multi_json (~> 1.8)
    hike (1.2.3)
    hitimes (1.2.2)
    honeybadger (2.1.5)
    http-cookie (1.0.2)
      domain_name (~> 0.5)
    httparty (0.13.7)
      json (~> 1.8)
      multi_xml (>= 0.5.2)
    i18n (0.7.0)
    ice_nine (0.11.1)
    inflecto (0.0.2)
    interactor (2.1.0)
    interactor-rails (1.0.1)
      interactor (< 3)
      rails (>= 3, < 5)
    intercom (2.3.0)
      json
    intercom-rails (0.2.26)
      activesupport (> 3.0)
    ipaddress (0.8.0)
    jbuilder (2.1.3)
      activesupport (>= 3.0.0, < 5)
      multi_json (~> 1.2)
    jquery-fileupload-rails (0.4.7)
      actionpack (>= 3.1)
      railties (>= 3.1)
      sass (>= 3.2)
    jquery-rails (3.1.0)
      railties (>= 3.0, < 5.0)
      thor (>= 0.14, < 2.0)
    jquery-ui-rails (5.0.0)
      railties (>= 3.2.16)
    json (1.8.3)
    jwt (1.0.0)
    kaminari (0.16.1)
      actionpack (>= 3.0.0)
      activesupport (>= 3.0.0)
    kgio (2.10.0)
    kiba (0.6.1)
    konacha (3.5.1)
      actionpack (>= 3.1, < 5)
      capybara
      colorize
      railties (>= 3.1, < 5)
      sprockets (>= 2, < 4)
      tilt
    konacha-chai-matchers (1.0.0)
    launchy (2.4.3)
      addressable (~> 2.3)
    listen (2.10.0)
      celluloid (~> 0.16.0)
      rb-fsevent (>= 0.9.3)
      rb-inotify (>= 0.9)
    lumberjack (1.0.9)
    mail (2.6.4)
      mime-types (>= 1.16, < 4)
    mailcatcher (0.6.1)
      activesupport (>= 4.0.0, < 5)
      eventmachine (~> 1.0.0, <= 1.0.5)
      mail (~> 2.3)
      sinatra (~> 1.2)
      skinny (~> 0.2.3)
      sqlite3 (~> 1.3)
      thin (~> 1.5.0)
    method_source (0.8.2)
    migration_data (0.2.1)
    mime-types (2.99.1)
    mini_portile (0.6.2)
    minitest (5.8.4)
    multi_json (1.12.0)
    multi_xml (0.5.5)
    multipart-post (1.2.0)
    nenv (0.2.0)
    net-scp (1.2.1)
      net-ssh (>= 2.6.5)
    net-ssh (2.9.2)
    netrc (0.10.3)
    newrelic-dragonfly (0.0.4)
      dragonfly
      newrelic_rpm
    newrelic_rpm (3.8.1.221)
    nokogiri (~>1.6.7)
      mini_portile (~> 0.6.0)
    nokogiri-happymapper (0.5.9)
      nokogiri (~> 1.5)
    notiffany (0.0.6)
      nenv (~> 0.1)
      shellany (~> 0.0)
    oauth2 (1.1.0)
      faraday (>= 0.8, < 0.10)
      jwt (~> 1.0, < 1.5.2)
      multi_json (~> 1.3)
      multi_xml (~> 0.5)
      rack (>= 1.2, < 3)
    omniauth (1.3.1)
      hashie (>= 1.2, < 4)
      rack (>= 1.0, < 3)
    omniauth-oauth2 (1.3.1)
      oauth2 (~> 1.0)
      omniauth (~> 1.2)
    omniauth-stripe-connect (2.9.0)
      omniauth (~> 1.0)
      omniauth-oauth2 (~> 1.3.1)
    orm_adapter (0.5.0)
    parser (2.2.0.pre.4)
      ast (>= 1.1, < 3.0)
      slop (~> 3.4, >= 3.4.5)
    passenger (4.0.58)
      daemon_controller (>= 1.2.0)
      rack
      rake (>= 0.8.1)
    pdfkit (0.6.2)
    periscope (2.1.0)
    periscope-activerecord (2.1.0)
      activerecord (>= 3, < 5)
      periscope (~> 2.1.0)
    pg (0.17.1)
    pg_array_parser (0.0.9)
    pg_search (0.7.8)
      activerecord (>= 3.1)
      activesupport (>= 3.1)
      arel
    pgbackups-archive (1.0.3)
      fog-aws
      heroku (>= 3.28.6, <= 3.32)
      rake
    poltergeist (1.8.1)
      capybara (~> 2.1)
      cliver (~> 0.3.1)
      multi_json (~> 1.0)
      websocket-driver (>= 0.2.0)
    polyamorous (1.1.0)
      activerecord (>= 3.0)
    postgres_ext (2.3.0)
      activerecord (>= 4.0.0)
      arel (>= 4.0.1)
      pg_array_parser (~> 0.0.9)
    powerpack (0.0.9)
    pry (0.10.1)
      coderay (~> 1.1.0)
      method_source (~> 0.8.1)
      slop (~> 3.4)
    pry-byebug (3.2.0)
      byebug (~> 5.0)
      pry (~> 0.10)
    pry-rails (0.3.2)
      pry (>= 0.9.10)
    pry-remote (0.1.8)
      pry (~> 0.9)
      slop (~> 3.0)
    puma (2.14.0)
    pundit (1.1.0)
      activesupport (>= 3.0.0)
    quiet_assets (1.0.3)
      railties (>= 3.1, < 5.0)
    rack (1.5.5)
    rack-accept (0.4.5)
      rack (>= 0.4)
    rack-cache (1.2)
      rack (>= 0.4)
    rack-canonical-host (0.1.0)
      addressable
      rack (~> 1.0)
    rack-cors (0.4.0)
    rack-mount (0.8.3)
      rack (>= 1.0.0)
    rack-protection (1.5.3)
      rack
    rack-test (0.6.3)
      rack (>= 1.0)
    rails (4.1.15)
      actionmailer (= 4.1.15)
      actionpack (= 4.1.15)
      actionview (= 4.1.15)
      activemodel (= 4.1.15)
      activerecord (= 4.1.15)
      activesupport (= 4.1.15)
      bundler (>= 1.3.0, < 2.0)
      railties (= 4.1.15)
      sprockets-rails (~> 2.0)
    rails-observers (0.1.2)
      activemodel (~> 4.0)
    rails_12factor (0.0.2)
      rails_serve_static_assets
      rails_stdout_logging
    rails_serve_static_assets (0.0.2)
    rails_stdout_logging (0.0.3)
    rails_view_annotator (0.0.10)
    railties (4.1.15)
      actionpack (= 4.1.15)
      activesupport (= 4.1.15)
      rake (>= 0.8.7)
      thor (>= 0.18.1, < 2.0)
    rainbow (2.0.0)
    raindrops (0.15.0)
    rake (11.1.2)
    ransack (1.3.0)
      actionpack (>= 3.0)
      activerecord (>= 3.0)
      activesupport (>= 3.0)
      i18n
      polyamorous (~> 1.1)
    rb-fsevent (0.9.4)
    rb-inotify (0.9.5)
      ffi (>= 0.5.0)
    rdoc (4.1.1)
      json (~> 1.4)
    react-rails (1.4.2)
      babel-transpiler (>= 0.7.0)
      coffee-script-source (~> 1.8)
      connection_pool
      execjs
      rails (>= 3.2)
      tilt
    request_store (1.0.8)
    rest-client (1.8.0)
      http-cookie (>= 1.0.2, < 2.0)
      mime-types (>= 1.16, < 3.0)
      netrc (~> 0.7)
    rspec (3.4.0)
      rspec-core (~> 3.4.0)
      rspec-expectations (~> 3.4.0)
      rspec-mocks (~> 3.4.0)
    rspec-collection_matchers (1.0.0)
      rspec-expectations (>= 2.99.0.beta1)
    rspec-core (3.4.4)
      rspec-support (~> 3.4.0)
    rspec-expectations (3.4.0)
      diff-lcs (>= 1.2.0, < 2.0)
      rspec-support (~> 3.4.0)
    rspec-mocks (3.4.1)
      diff-lcs (>= 1.2.0, < 2.0)
      rspec-support (~> 3.4.0)
    rspec-rails (3.4.2)
      actionpack (>= 3.0, < 4.3)
      activesupport (>= 3.0, < 4.3)
      railties (>= 3.0, < 4.3)
      rspec-core (~> 3.4.0)
      rspec-expectations (~> 3.4.0)
      rspec-mocks (~> 3.4.0)
      rspec-support (~> 3.4.0)
    rspec-support (3.4.1)
    rubocop (0.26.0)
      astrolabe (~> 1.3)
      parser (>= 2.2.0.pre.4, < 3.0)
      powerpack (~> 0.0.6)
      rainbow (>= 1.99.1, < 3.0)
      ruby-progressbar (~> 1.4)
    ruby-ole (1.2.11.8)
    ruby-progressbar (1.5.1)
    rubyXL (3.3.10)
      nokogiri (>= 1.4.4)
      rubyzip (>= 1.1.6)
    rubyzip (1.1.7)
    safe_yaml (1.0.3)
    sass (3.2.19)
    sass-rails (4.0.2)
      railties (>= 4.0.0, < 5.0)
      sass (~> 3.2.0)
      sprockets (~> 2.8, <= 2.11.0)
      sprockets-rails (~> 2.0.0)
    sdoc (0.4.1)
      json (~> 1.7, >= 1.7.7)
      rdoc (~> 4.0)
    selenium-webdriver (3.0.0)
      childprocess (~> 0.5)
      rubyzip (~> 1.0)
      websocket (~> 1.0)
    shellany (0.0.1)
    simplecov (0.9.0)
      docile (~> 1.1.0)
      multi_json
      simplecov-html (~> 0.8.0)
    simplecov-html (0.8.0)
    simpleidn (0.0.5)
    sinatra (1.4.6)
      rack (~> 1.4)
      rack-protection (~> 1.4)
      tilt (>= 1.3, < 3)
    skinny (0.2.3)
      eventmachine (~> 1.0.0)
      thin (~> 1.5.0)
    skylight (0.10.6)
      activesupport (>= 3.0.0)
    slop (3.6.0)
    spreadsheet (1.0.3)
      ruby-ole (>= 1.0)
    spring (1.1.3)
    spring-commands-rspec (1.0.2)
      spring (>= 0.9.1)
    sprockets (2.10.2)
      hike (~> 1.2)
      multi_json (~> 1.0)
      rack (~> 1.0)
      tilt (~> 1.1, != 1.3.0)
    sprockets-rails (2.0.1)
      actionpack (>= 3.0)
      activesupport (>= 3.0)
      sprockets (~> 2.8)
    sqlite3 (1.3.11)
    stripe (1.27.2)
      json (~> 1.8.1)
      rest-client (~> 1.4)
    stripe_event (1.5.0)
      activesupport (>= 3.1)
      stripe (~> 1.6)
    thin (1.5.1)
      daemons (>= 1.0.9)
      eventmachine (>= 0.12.6)
      rack (>= 1.0.0)
    thor (0.19.1)
    thread_safe (0.3.5)
    tilt (1.4.1)
    timecop (0.7.1)
    timers (4.0.1)
      hitimes
    turbolinks (2.5.3)
      coffee-rails
    tzinfo (1.2.2)
      thread_safe (~> 0.1)
    uglifier (2.5.3)
      execjs (>= 0.3.0)
      json (>= 1.8.0)
    ultrahook (0.1.3)
      json (>= 1.8.0)
    underscore-rails (1.7.0)
    unf (0.1.4)
      unf_ext
    unf_ext (0.0.7.1)
    unicorn (4.9.0)
      kgio (~> 2.6)
      rack
      raindrops (~> 0.7)
    uniform_notifier (1.9.0)
    vcr (2.9.3)
    virtus (1.0.5)
      axiom-types (~> 0.1)
      coercible (~> 1.0)
      descendants_tracker (~> 0.0, >= 0.0.3)
      equalizer (~> 0.0, >= 0.0.9)
    warden (1.2.3)
      rack (>= 1.0)
    webmock (1.18.0)
      addressable (>= 2.3.6)
      crack (>= 0.3.2)
    websocket (1.2.3)
    websocket-driver (0.6.3)
      websocket-extensions (>= 0.1.0)
    websocket-extensions (0.1.2)
    wkhtmltopdf-heroku (2.12.3.0)
    wysihtml5-rails (0.0.4)
      railties (>= 3.1.0)
    wysiwyg-rails (1.2.8)
      font-awesome-rails (>= 4.3.0.0)
      railties (>= 3.2, < 5.0)
    xpath (2.0.0)
      nokogiri (~> 1.3)

PLATFORMS
  ruby

DEPENDENCIES
  accountingjs-rails
  active_model_serializers
  active_record_union
  activerecord-import
  acts_as_geocodable
  audited-activerecord
  awesome_nested_set
  awesome_print
  aws-sdk
  browserify-rails
  bullet
  byebug
  capybara
  capybara-screenshot
  capybara-slow_finder_errors
  codeclimate-test-reporter
  coffee-rails (~> 4.0.0)
  color
  compass-rails
  constructor
  countries
  csv_builder
  database_cleaner
  dedent
  delayed_job
  delayed_job_active_record
  devise
  devise_invitable
  devise_masquerade
  domino
  dragonfly-s3_data_store
  draper
  email_spec
  factory_girl_rails
  figaro (~> 1.0.0.rc1)
  fire_poll (= 1.2.0)
  font-awesome-rails
  font_assets
  grape
  grape-active_model_serializers
  grape-swagger
  graticule
  groupdate!
  guard-konacha-rails
  guard-rspec
  heroku-api
  honeybadger
  httparty
  interactor (< 3.0)
  interactor-rails (< 3.0)
  intercom (~> 2.3.0)
  intercom-rails (~> 0.2.26)
  jbuilder
  jquery-rails (< 3.1.1)
  jquery-ui-rails
  jwt
  kaminari
  kiba
  konacha
  konacha-chai-matchers
  launchy
  mailcatcher
  migration_data
  newrelic-dragonfly
  newrelic_rpm (< 3.9.0)
  omniauth-stripe-connect
  passenger
  pdfkit
  periscope-activerecord
  pg
  pg_search
  pgbackups-archive
  poltergeist
  postgres_ext
  pry-byebug
  pry-rails
  pry-remote
  puma
  pundit
  quiet_assets
  rack-cache
  rack-canonical-host
  rack-cors
  rails (~> 4.1.11)
  rails_12factor
  rails_view_annotator
  ransack
  react-rails
  rschema!
  rspec-collection_matchers
  rspec-rails (~> 3.0)
  rspec_junit_formatter!
  rubocop
  rubyXL
  s3_direct_upload!
  sass-rails (~> 4.0.0)
  sdoc
  selenium-webdriver
  simplecov
  simpleidn
  skylight
  slop (~> 3.0)
  spreadsheet
  spring
  spring-commands-rspec
  stripe
  stripe_event
  tabulator!
  timecop
  turbolinks
  uglifier (>= 1.3.0)
  ultrahook
  underscore-rails
  unicorn
  vcr
  webmock
  wkhtmltopdf-binary!
  wkhtmltopdf-heroku
  wysihtml5-rails
  wysiwyg-rails
