GIT
  remote: git://github.com/activerecord-hackery/ransack.git
  revision: 742425ade4bb66db573dc13bf436a8f3c87b733b
  branch: rails-4.1
  specs:
    ransack (1.2.4)
      actionpack (>= 4.0)
      activerecord (>= 4.0)
      activesupport (>= 4.0)
      i18n
      polyamorous (~> 1.1)

GIT
  remote: git://github.com/collectiveidea/acts_as_geocodable.git
  revision: be2ca4a448245ec6425f71664428402fa43e877c
  specs:
    acts_as_geocodable (2.1.0)
      graticule (~> 2.0)
      rails (>= 3, < 4.2)

GIT
  remote: git://github.com/collectiveidea/audited.git
  revision: cd7065ef6fb9640a3a4e204477dd38dc0d12e50c
  specs:
    audited (4.0.0.rc1)
      rails-observers (~> 0.1.2)
    audited-activerecord (4.0.0.rc1)
      activerecord (~> 4.0)
      audited (= 4.0.0.rc1)

GIT
  remote: git://github.com/collectiveidea/delayed_job.git
  revision: 9794c9747af88691536c45a6b750f2213ceb18aa
  specs:
    delayed_job (4.0.2)
      activesupport (>= 3.0, < 4.2)

GIT
  remote: git://github.com/collectiveidea/graticule.git
  revision: 0ceb721ce39fbaf5b5899a46a2e585200b99d6a7
  specs:
    graticule (2.4.0)
      activesupport
      i18n
      json
      nokogiri-happymapper (>= 0.5.9)

GIT
  remote: git://github.com/guyshechter/mapbox-rails.git
  revision: c2b510ea5a448b306413901c30b828fa8700cda2
  specs:
    mapbox-rails (1.6.1.1)

GIT
  remote: git://github.com/trestrantham/groupdate.git
  revision: ff1ce7de22dcc617993522989747e90c591d2a1c
  branch: custom-calculations
  specs:
    groupdate (2.2.1)
      activesupport (>= 3)

GEM
  remote: https://rubygems.org/
  specs:
    accountingjs-rails (0.0.4)
    actionmailer (4.1.6.rc1)
      actionpack (= 4.1.6.rc1)
      actionview (= 4.1.6.rc1)
      mail (~> 2.5, >= 2.5.4)
    actionpack (4.1.6.rc1)
      actionview (= 4.1.6.rc1)
      activesupport (= 4.1.6.rc1)
      rack (~> 1.5.2)
      rack-test (~> 0.6.2)
    actionview (4.1.6.rc1)
      activesupport (= 4.1.6.rc1)
      builder (~> 3.1)
      erubis (~> 2.7.0)
    active_model_serializers (0.9.0)
      activemodel (>= 3.2)
    active_record_union (1.0.0)
      activerecord (>= 4.0)
    activemodel (4.1.6.rc1)
      activesupport (= 4.1.6.rc1)
      builder (~> 3.1)
    activerecord (4.1.6.rc1)
      activemodel (= 4.1.6.rc1)
      activesupport (= 4.1.6.rc1)
      arel (~> 5.0.0)
    activesupport (4.1.6.rc1)
      i18n (~> 0.6, >= 0.6.9)
      json (~> 1.7, >= 1.7.7)
      minitest (~> 5.1)
      thread_safe (~> 0.1)
      tzinfo (~> 1.1)
    addressable (2.3.6)
    arel (5.0.1.20140414130214)
    ast (2.0.0)
    awesome_nested_set (3.0.0)
      activerecord (>= 4.0.0, < 5)
    balanced (0.8.2)
      faraday (~> 0.8.6)
      faraday_middleware (~> 0.9.0)
    bcrypt (3.1.7)
    builder (3.2.2)
    capybara (2.4.1)
      mime-types (>= 1.16)
      nokogiri (>= 1.3.3)
      rack (>= 1.0.0)
      rack-test (>= 0.5.4)
      xpath (~> 2.0)
    chunky_png (1.3.1)
    cliver (0.3.2)
    codeclimate-test-reporter (0.4.0)
      simplecov (>= 0.7.1, < 1.0.0)
    coderay (1.1.0)
    coffee-rails (4.0.1)
      coffee-script (>= 2.2.0)
      railties (>= 4.0.0, < 5.0)
    coffee-script (2.3.0)
      coffee-script-source
      execjs
    coffee-script-source (1.7.1)
    color (1.7.1)
    compass (0.12.7)
      chunky_png (~> 1.2)
      fssm (>= 0.2.7)
      sass (~> 3.2.19)
    compass-rails (2.0.0)
      compass (>= 0.12.2)
    countries (0.9.3)
      currencies (~> 0.4.2)
    crack (0.4.2)
      safe_yaml (~> 1.0.0)
    csv_builder (2.1.1)
      actionpack (>= 3.0.0)
    currencies (0.4.2)
    daemon_controller (1.2.0)
    dalli (2.7.2)
    database_cleaner (1.3.0)
    delayed_job_active_record (4.0.2)
      activerecord (>= 3.0, < 4.2)
      delayed_job (>= 3.0, < 4.1)
    devise (3.3.0)
      bcrypt (~> 3.0)
      orm_adapter (~> 0.1)
      railties (>= 3.2.6, < 5)
      thread_safe (~> 0.1)
      warden (~> 1.2.3)
    devise_invitable (1.3.6)
      actionmailer (>= 3.2.6, < 5)
      devise (>= 3.2.0)
    devise_masquerade (0.1.5)
      devise (>= 2.1.0)
      railties (>= 3.0)
    diff-lcs (1.2.5)
    docile (1.1.5)
    domino (0.6.0)
      capybara (>= 0.4.0)
    dragonfly (1.0.7)
      addressable (~> 2.3)
      multi_json (~> 1.0)
      rack
    dragonfly-s3_data_store (1.0.4)
      dragonfly (~> 1.0)
      fog
    draper (1.3.1)
      actionpack (>= 3.0)
      activemodel (>= 3.0)
      activesupport (>= 3.0)
      request_store (~> 1.0.3)
    email_spec (1.6.0)
      launchy (~> 2.1)
      mail (~> 2.2)
    erubis (2.7.0)
    excon (0.39.5)
    execjs (2.2.1)
    factory_girl (4.4.0)
      activesupport (>= 3.0.0)
    factory_girl_rails (4.4.1)
      factory_girl (~> 4.4.0)
      railties (>= 3.0.0)
    faraday (0.8.9)
      multipart-post (~> 1.2.0)
    faraday_middleware (0.9.1)
      faraday (>= 0.7.4, < 0.10)
    figaro (1.0.0.rc1)
      rails (>= 3, < 5)
      thor (~> 0.14)
    fog (1.23.0)
      fog-brightbox
      fog-core (~> 1.23)
      fog-json
      fog-softlayer
      ipaddress (~> 0.5)
      nokogiri (~> 1.5, >= 1.5.11)
    fog-brightbox (0.3.0)
      fog-core (~> 1.22)
      fog-json
      inflecto
    fog-core (1.23.0)
      builder
      excon (~> 0.38)
      formatador (~> 0.2)
      mime-types
      net-scp (~> 1.1)
      net-ssh (>= 2.1.3)
    fog-json (1.0.0)
      multi_json (~> 1.0)
    fog-softlayer (0.3.15)
      fog-core
      fog-json
    font_assets (0.1.11)
      rack
    formatador (0.2.5)
    fssm (0.2.10)
    heroku (3.10.3)
      heroku-api (~> 0.3.19)
      launchy (>= 0.3.2)
      netrc (~> 0.7.7)
      rest-client (= 1.6.7)
      rubyzip (= 0.9.9)
    heroku-api (0.3.19)
      excon (~> 0.38)
      multi_json (~> 1.8)
    hike (1.2.3)
    honeybadger (1.16.3)
      json
    i18n (0.6.11)
    inflecto (0.0.2)
    interactor (2.1.0)
    interactor-rails (1.0.1)
      interactor (< 3)
      rails (>= 3, < 5)
    ipaddress (0.8.0)
    jbuilder (2.1.3)
      activesupport (>= 3.0.0, < 5)
      multi_json (~> 1.2)
    jquery-rails (3.1.0)
      railties (>= 3.0, < 5.0)
      thor (>= 0.14, < 2.0)
    jquery-ui-rails (5.0.0)
      railties (>= 3.2.16)
    json (1.8.1)
    jwt (1.0.0)
    kaminari (0.16.1)
      actionpack (>= 3.0.0)
      activesupport (>= 3.0.0)
    launchy (2.4.2)
      addressable (~> 2.3)
    mail (2.6.1)
      mime-types (>= 1.16, < 3)
    method_source (0.8.2)
    mime-types (2.3)
    mini_portile (0.6.0)
    minitest (5.4.0)
    multi_json (1.10.1)
    multipart-post (1.2.0)
    net-scp (1.2.1)
      net-ssh (>= 2.6.5)
    net-ssh (2.9.1)
    netrc (0.7.7)
    newrelic-dragonfly (0.0.4)
      dragonfly
      newrelic_rpm
    newrelic_rpm (3.8.1.221)
    nokogiri (1.6.3.1)
      mini_portile (= 0.6.0)
    nokogiri-happymapper (0.5.9)
      nokogiri (~> 1.5)
    orm_adapter (0.5.0)
    parser (2.2.0.pre.4)
      ast (>= 1.1, < 3.0)
      slop (~> 3.4, >= 3.4.5)
    passenger (4.0.49)
      daemon_controller (>= 1.2.0)
      rack
      rake (>= 0.8.1)
    pdfkit (0.6.2)
    periscope (2.1.0)
    periscope-activerecord (2.1.0)
      activerecord (>= 3, < 5)
      periscope (~> 2.1.0)
    pg (0.17.1)
    pg_array_parser (0.0.9)
    pg_search (0.7.6)
      activerecord (>= 3.1)
      activesupport (>= 3.1)
      arel
    pgbackups-archive (0.2.1)
      bundler (>= 1.2.3)
      fog (>= 1.4.0)
      heroku (>= 2.34.0)
      rake (>= 0.9.2.2)
    poltergeist (1.5.1)
      capybara (~> 2.1)
      cliver (~> 0.3.1)
      multi_json (~> 1.0)
      websocket-driver (>= 0.2.0)
    polyamorous (1.1.0)
      activerecord (>= 3.0)
    postgres_ext (2.3.0)
      activerecord (>= 4.0.0)
      arel (>= 4.0.1)
      pg_array_parser (~> 0.0.9)
    powerpack (0.0.9)
    pry (0.10.1)
      coderay (~> 1.1.0)
      method_source (~> 0.8.1)
      slop (~> 3.4)
    pry-rails (0.3.2)
      pry (>= 0.9.10)
    pry-remote (0.1.8)
      pry (~> 0.9)
      slop (~> 3.0)
    quiet_assets (1.0.3)
      railties (>= 3.1, < 5.0)
    rack (1.5.2)
    rack-cache (1.2)
      rack (>= 0.4)
    rack-canonical-host (0.1.0)
      addressable
      rack (~> 1.0)
    rack-test (0.6.2)
      rack (>= 1.0)
    rails (4.1.6.rc1)
      actionmailer (= 4.1.6.rc1)
      actionpack (= 4.1.6.rc1)
      actionview (= 4.1.6.rc1)
      activemodel (= 4.1.6.rc1)
      activerecord (= 4.1.6.rc1)
      activesupport (= 4.1.6.rc1)
      bundler (>= 1.3.0, < 2.0)
      railties (= 4.1.6.rc1)
      sprockets-rails (~> 2.0)
    rails-observers (0.1.2)
      activemodel (~> 4.0)
    rails_12factor (0.0.2)
      rails_serve_static_assets
      rails_stdout_logging
    rails_serve_static_assets (0.0.2)
    rails_stdout_logging (0.0.3)
    railties (4.1.6.rc1)
      actionpack (= 4.1.6.rc1)
      activesupport (= 4.1.6.rc1)
      rake (>= 0.8.7)
      thor (>= 0.18.1, < 2.0)
    rainbow (2.0.0)
    rake (10.3.2)
    rdoc (4.1.1)
      json (~> 1.4)
    request_store (1.0.8)
    rest-client (1.6.7)
      mime-types (>= 1.16)
    rspec-collection_matchers (1.0.0)
      rspec-expectations (>= 2.99.0.beta1)
    rspec-core (3.0.4)
      rspec-support (~> 3.0.0)
    rspec-expectations (3.0.4)
      diff-lcs (>= 1.2.0, < 2.0)
      rspec-support (~> 3.0.0)
    rspec-mocks (3.0.4)
      rspec-support (~> 3.0.0)
    rspec-rails (3.0.2)
      actionpack (>= 3.0)
      activesupport (>= 3.0)
      railties (>= 3.0)
      rspec-core (~> 3.0.0)
      rspec-expectations (~> 3.0.0)
      rspec-mocks (~> 3.0.0)
      rspec-support (~> 3.0.0)
    rspec-support (3.0.4)
    rubocop (0.25.0)
      parser (>= 2.2.0.pre.4, < 3.0)
      powerpack (~> 0.0.6)
      rainbow (>= 1.99.1, < 3.0)
      ruby-progressbar (~> 1.4)
    ruby-progressbar (1.5.1)
    rubyzip (0.9.9)
    safe_yaml (1.0.3)
    sass (3.2.19)
    sass-rails (4.0.2)
      railties (>= 4.0.0, < 5.0)
      sass (~> 3.2.0)
      sprockets (~> 2.8, <= 2.11.0)
      sprockets-rails (~> 2.0.0)
    sdoc (0.4.1)
      json (~> 1.7, >= 1.7.7)
      rdoc (~> 4.0)
    simplecov (0.9.0)
      docile (~> 1.1.0)
      multi_json
      simplecov-html (~> 0.8.0)
    simplecov-html (0.8.0)
    simpleidn (0.0.5)
    slop (3.6.0)
    spring (1.1.3)
    spring-commands-rspec (1.0.2)
      spring (>= 0.9.1)
    sprockets (2.11.0)
      hike (~> 1.2)
      multi_json (~> 1.0)
      rack (~> 1.0)
      tilt (~> 1.1, != 1.3.0)
    sprockets-rails (2.0.1)
      actionpack (>= 3.0)
      activesupport (>= 3.0)
      sprockets (~> 2.8)
    thor (0.19.1)
    thread_safe (0.3.4)
    tilt (1.4.1)
    timecop (0.7.1)
    tzinfo (1.2.2)
      thread_safe (~> 0.1)
    uglifier (2.5.3)
      execjs (>= 0.3.0)
      json (>= 1.8.0)
    underscore-rails (1.6.0)
    vcr (2.9.2)
    warden (1.2.3)
      rack (>= 1.0)
    webmock (1.18.0)
      addressable (>= 2.3.6)
      crack (>= 0.3.2)
    websocket-driver (0.3.4)
    wkhtmltopdf-binary (0.9.9.3)
    wysihtml5-rails (0.0.4)
      railties (>= 3.1.0)
    xpath (2.0.0)
      nokogiri (~> 1.3)

PLATFORMS
  ruby

DEPENDENCIES
  accountingjs-rails
  active_model_serializers
  active_record_union
  acts_as_geocodable!
  audited!
  audited-activerecord!
  awesome_nested_set
  balanced (~> 0.7)
  capybara
  codeclimate-test-reporter
  coffee-rails (~> 4.0.0)
  color
  compass-rails
  countries
  csv_builder
  dalli
  database_cleaner
  delayed_job!
  delayed_job_active_record
  devise
  devise_invitable
  devise_masquerade
  domino
  dragonfly-s3_data_store
  draper
  email_spec
  factory_girl_rails
  figaro (~> 1.0.0.rc1)
  font_assets
  graticule!
  groupdate!
  heroku-api
  honeybadger
  interactor-rails
  jbuilder
  jquery-rails (< 3.1.1)
  jquery-ui-rails
  jwt
  kaminari
  launchy
  mapbox-rails!
  newrelic-dragonfly
  newrelic_rpm (< 3.9.0)
  passenger
  pdfkit
  periscope-activerecord
  pg
  pg_search
  pgbackups-archive
  poltergeist
  postgres_ext
  pry-rails
  pry-remote
  quiet_assets
  rack-cache
  rack-canonical-host
  rails (~> 4.1.6.rc1)
  rails_12factor
  ransack!
  rspec-collection_matchers
  rspec-rails (~> 3.0)
  rubocop
  sass-rails (~> 4.0.0)
  sdoc
  simplecov
  simpleidn
  spring
  spring-commands-rspec
  timecop
  uglifier (>= 1.3.0)
  underscore-rails
  vcr
  webmock
  wkhtmltopdf-binary
  wysihtml5-rails
